GEM
  remote: https://rubygems.org/
  specs:
    dotenv (2.2.1)
    mustermann (1.0.1)
    net-ssh (4.2.0)
    rack (2.0.3)
    rack-protection (2.0.0)
      rack
    sinatra (2.0.0)
      mustermann (~> 1.0)
      rack (~> 2.0)
      rack-protection (= 2.0.0)
      tilt (~> 2.0)
    tilt (2.0.8)

PLATFORMS
  ruby

DEPENDENCIES
  dotenv
  net-ssh
  sinatra

BUNDLED WITH
   1.15.4
