GEM
  remote: https://rubygems.org/
  specs:
    aws-partitions (1.45.0)
    aws-sdk-core (3.11.0)
      aws-partitions (~> 1.0)
      aws-sigv4 (~> 1.0)
      jmespath (~> 1.0)
    aws-sdk-kms (1.3.0)
      aws-sdk-core (~> 3)
      aws-sigv4 (~> 1.0)
    aws-sdk-s3 (1.8.0)
      aws-sdk-core (~> 3)
      aws-sdk-kms (~> 1)
      aws-sigv4 (~> 1.0)
    aws-sigv4 (1.0.2)
    bitly (3.0.0)
      oauth2 (>= 0.5.0, < 2.1)
    dotenv (2.2.1)
    drydock (0.6.9)
    faraday (2.7.4)
      faraday-net_http (>= 2.0, < 3.1)
      ruby2_keywords (>= 0.0.4)
    faraday-net_http (3.0.2)
    hashie (5.0.0)
    jmespath (1.3.1)
    jwt (2.7.0)
    mail (2.6.6)
      mime-types (>= 1.16, < 4)
    mime-types (3.1)
      mime-types-data (~> 3.2015)
    mime-types-data (3.2016.0521)
    multi_xml (0.6.0)
    mustermann (1.1.2)
      ruby2_keywords (~> 0.0.1)
    net-ssh (4.2.0)
    oauth2 (2.0.9)
      faraday (>= 0.17.3, < 3.0)
      jwt (>= 1.0, < 3.0)
      multi_xml (~> 0.5)
      rack (>= 1.2, < 4)
      snaky_hash (~> 2.0)
      version_gem (~> 1.1)
    puma (3.11.0)
    rack (2.2.6.4)
    rack-protection (2.0.1)
      rack
    redis (4.0.1)
    redis-dump (0.4.0)
      drydock (>= 0.6.9)
      redis (>= 4.0)
      uri-redis (>= 0.4.0)
      yajl-ruby (>= 0.1)
    ruby2_keywords (0.0.5)
    rubyzip (1.2.1)
    sinatra (2.0.1)
      mustermann (~> 1.0)
      rack (~> 2.0)
      rack-protection (= 2.0.1)
      tilt (~> 2.0)
    slack-notifier (2.3.1)
    snaky_hash (2.0.1)
      hashie
      version_gem (~> 1.1, >= 1.1.1)
    tilt (2.1.0)
    uri-redis (0.4.2)
    version_gem (1.1.1)
    yajl-ruby (1.3.1)

PLATFORMS
  ruby

DEPENDENCIES
  aws-sdk-s3
  bitly
  dotenv
  mail
  net-ssh
  puma
  redis-dump
  rubyzip
  sinatra (= 2.0.1)
  slack-notifier

BUNDLED WITH
   1.17.3
