GEM
  remote: https://rubygems.org/
  specs:
    aws-partitions (1.45.0)
    aws-sdk-core (3.11.0)
      aws-partitions (~> 1.0)
      aws-sigv4 (~> 1.0)
      jmespath (~> 1.0)
    aws-sdk-kms (1.3.0)
      aws-sdk-core (~> 3)
      aws-sigv4 (~> 1.0)
    aws-sdk-s3 (1.8.0)
      aws-sdk-core (~> 3)
      aws-sdk-kms (~> 1)
      aws-sigv4 (~> 1.0)
    aws-sigv4 (1.0.2)
    dotenv (2.2.1)
    drydock (0.6.9)
    jmespath (1.3.1)
    mail (2.6.6)
      mime-types (>= 1.16, < 4)
    mime-types (3.1)
      mime-types-data (~> 3.2015)
    mime-types-data (3.2016.0521)
    mustermann (1.0.1)
    net-ssh (4.2.0)
    puma (3.11.0)
    rack (2.0.3)
    rack-protection (2.0.0)
      rack
    redis (4.0.1)
    redis-dump (0.4.0)
      drydock (>= 0.6.9)
      redis (>= 4.0)
      uri-redis (>= 0.4.0)
      yajl-ruby (>= 0.1)
    sinatra (2.0.0)
      mustermann (~> 1.0)
      rack (~> 2.0)
      rack-protection (= 2.0.0)
      tilt (~> 2.0)
    tilt (2.0.8)
    uri-redis (0.4.2)
    yajl-ruby (1.3.1)

PLATFORMS
  ruby

DEPENDENCIES
  aws-sdk-s3
  dotenv
  mail
  net-ssh
  puma
  redis-dump
  sinatra

BUNDLED WITH
   1.16.0.pre.2
